GEM
  remote: https://rubygems.org/
  specs:
    addressable (2.3.8)
    desk_api (0.6.1)
      addressable (>= 2.3, < 2.4)
      faraday (>= 0.8, < 1.0)
      simple_oauth (>= 0.1, < 0.3)
    dotenv (2.1.1)
    faker (1.6.3)
      i18n (~> 0.5)
    faraday (0.9.2)
      multipart-post (>= 1.2, < 3)
    i18n (0.7.0)
    multipart-post (2.0.0)
    simple_oauth (0.2.0)

PLATFORMS
  ruby

DEPENDENCIES
  desk_api
  dotenv
  faker

BUNDLED WITH
   1.11.2
