GEM
  remote: https://rubygems.org/
  specs:
    addressable (2.3.8)
    coderay (1.1.1)
    desk_api (0.6.1)
      addressable (>= 2.3, < 2.4)
      faraday (>= 0.8, < 1.0)
      simple_oauth (>= 0.1, < 0.3)
    dotenv (2.1.1)
    faker (1.6.3)
      i18n (~> 0.5)
    faraday (0.9.2)
      multipart-post (>= 1.2, < 3)
    highline (1.7.8)
    i18n (0.7.0)
    method_source (0.8.2)
    multipart-post (2.0.0)
    pry (0.10.3)
      coderay (~> 1.1.0)
      method_source (~> 0.8.1)
      slop (~> 3.4)
    rake (11.2.2)
    simple_oauth (0.2.0)
    slop (3.6.0)
    version (1.0.0)

PLATFORMS
  ruby

DEPENDENCIES
  desk_api
  dotenv
  faker
  highline
  pry
  rake
  version

BUNDLED WITH
   1.12.5
